PATH
  remote: ../../../joven
  specs:
    joven (0.1.0)
      erubis
      rack (~> 1.0)
      sqlite3
      tilt

GEM
  remote: https://rubygems.org/
  specs:
    erubis (2.7.0)
    rack (1.6.4)
    sqlite3 (1.3.11)
    tilt (2.0.2)

PLATFORMS
  ruby

DEPENDENCIES
  joven!

BUNDLED WITH
   1.11.2
